GEM
  remote: https://rubygems.org/
  specs:
    brewdler (1.0.1)
      commander
      mime-types (= 1.25)
    commander (4.2.1)
      highline (~> 1.6.11)
    erubis (2.7.0)
    highline (1.6.21)
    mime-types (1.25)
    thor (0.19.1)
    tmuxinator (0.6.9)
      erubis (~> 2.6)
      thor (~> 0.19, >= 0.15.0)

PLATFORMS
  ruby

DEPENDENCIES
  brewdler
  tmuxinator
